GEM
  remote: http://rubygems.org/
  specs:
    daemons (1.1.8)
    eventmachine (1.0.0.beta.4.1-x86-mingw32)
    haml (3.1.4)
    pg (0.13.2-x86-mingw32)
    rack (1.4.1)
    rack-protection (1.2.0)
      rack
    sass (3.1.15)
    sequel (3.34.1)
    sinatra (1.3.2)
      rack (~> 1.3, >= 1.3.6)
      rack-protection (~> 1.2)
      tilt (~> 1.3, >= 1.3.3)
    sqlite3 (1.3.5-x86-mingw32)
    thin (1.3.1)
      daemons (>= 1.0.9)
      eventmachine (>= 0.12.6)
      rack (>= 1.0.0)
    tilt (1.3.3)
    win32-api (1.4.8-x86-mingw32)
    win32-process (0.6.5)
      windows-pr (>= 1.1.2)
    win32console (1.3.0-x86-mingw32)
    windows-api (0.4.1)
      win32-api (>= 1.4.5)
    windows-pr (1.2.1)
      win32-api (>= 1.4.5)
      windows-api (>= 0.3.0)

PLATFORMS
  x86-mingw32

DEPENDENCIES
  eventmachine (= 1.0.0.beta.4.1)
  haml
  pg
  rack
  sass
  sequel
  sinatra
  sqlite3
  thin
  win32-process
  win32console
